PATH
  remote: .
  specs:
    feature_location_stanza (0.0.1)
      togostanza

GEM
  remote: https://rubygems.org/
  specs:
    activesupport (4.2.8)
      i18n (~> 0.7)
      minitest (~> 5.1)
      thread_safe (~> 0.3, >= 0.3.4)
      tzinfo (~> 1.1)
    backports (3.8.0)
    concurrent-ruby (1.0.5)
    ffi (1.9.18)
    flavour_saver (0.3.8)
      rltk (~> 2.2.0)
      tilt
    haml (4.0.7)
      tilt
    hamster (3.0.0)
      concurrent-ruby (~> 1.0)
    hashie (3.5.5)
    i18n (0.8.1)
    json (1.8.1)
    link_header (0.0.8)
    minitest (5.4.3)
    multi_json (1.12.1)
    net-http-persistent (2.9.4)
    parallel (1.11.2)
    rack (1.6.5)
    rack-protection (1.5.3)
      rack
    rack-test (0.6.3)
      rack (>= 1.0)
    rdf (2.2.6)
      hamster (~> 3.0)
      link_header (~> 0.0, >= 0.0.8)
    rltk (2.2.1)
      ffi (>= 1.0.0)
    sinatra (1.4.8)
      rack (~> 1.5)
      rack-protection (~> 1.4)
      tilt (>= 1.3, < 3)
    sinatra-contrib (1.4.7)
      backports (>= 2.0)
      multi_json
      rack-protection
      rack-test
      sinatra (~> 1.4.0)
      tilt (>= 1.3, < 3)
    sparql-client (1.99.1)
      json (~> 1.8)
      net-http-persistent (~> 2.9)
      rdf (>= 1.99, < 3)
      tins (= 1.6.0)
    sprockets (3.7.1)
      concurrent-ruby (~> 1.0)
      rack (> 1, < 3)
    thor (0.19.4)
    thread_safe (0.3.6)
    tilt (2.0.7)
    tins (1.6.0)
    togostanza (2.1.1)
      activesupport (~> 4.2)
      flavour_saver (~> 0.3)
      haml (~> 4.0)
      hashie (~> 3.4)
      parallel (~> 1.6)
      sinatra (~> 1.4)
      sinatra-contrib (~> 1.4)
      sparql-client (~> 1.1)
      sprockets (~> 3.4)
      thor (~> 0.19)
    tzinfo (1.2.3)
      thread_safe (~> 0.1)

PLATFORMS
  ruby

DEPENDENCIES
  feature_location_stanza!

BUNDLED WITH
   1.14.6
