GIT
  remote: git://github.com/ynlab/togostanza-gem.git
  revision: fbcbaf897be5b404e5f98a7e02a076e9cbba75c6
  specs:
    togostanza (2.1.0)
      activesupport (~> 3.2)
      flavour_saver (~> 0.3)
      haml (~> 4.0)
      hashie (~> 2.0)
      parallel (~> 1.6)
      sinatra (~> 1.4)
      sinatra-contrib (~> 1.4)
      sparql-client (~> 1.1)
      sprockets (~> 2.2)
      thor (~> 0.14)

PATH
  remote: ./environment_attributes_stanza
  specs:
    environment_attributes_stanza (0.0.1)
      togostanza

PATH
  remote: ./environment_environmental_ontology_stanza
  specs:
    environment_environmental_ontology_stanza (0.0.1)
      togostanza

PATH
  remote: ./environment_geographical_map_stanza
  specs:
    environment_geographical_map_stanza (0.0.1)
      togostanza

PATH
  remote: ./environment_inhabitants_stanza
  specs:
    environment_inhabitants_stanza (0.0.1)
      togostanza

PATH
  remote: ./environment_inhabitants_statistics_nano_stanza
  specs:
    environment_inhabitants_statistics_nano_stanza (0.0.1)
      togostanza

PATH
  remote: ./environment_inhabitants_statistics_stanza
  specs:
    environment_inhabitants_statistics_stanza (0.0.1)
      togostanza

PATH
  remote: ./environment_organism_distribution_on_ph_nano_stanza
  specs:
    environment_organism_distribution_on_ph_nano_stanza (0.0.1)
      togostanza

PATH
  remote: ./environment_organism_distribution_on_temperature_nano_stanza
  specs:
    environment_organism_distribution_on_temperature_nano_stanza (0.0.1)
      togostanza

PATH
  remote: ./environment_taxonomic_composition_stanza
  specs:
    environment_taxonomic_composition_stanza (0.0.1)
      togostanza

PATH
  remote: ./environment_top_level_symbolic_image_nano_stanza
  specs:
    environment_top_level_symbolic_image_nano_stanza (0.0.1)
      togostanza

PATH
  remote: ./gene_attributes_stanza
  specs:
    gene_attributes_stanza (0.0.1)
      bio
      togostanza

PATH
  remote: ./gene_length_nano_stanza
  specs:
    gene_length_nano_stanza (0.0.1)
      togostanza

PATH
  remote: ./geneset_entry_stanza
  specs:
    geneset_entry_stanza (0.0.1)
      togostanza

PATH
  remote: ./geneset_stanza
  specs:
    geneset_stanza (0.0.1)
      togostanza

PATH
  remote: ./genome_cross_references_stanza
  specs:
    genome_cross_references_stanza (0.0.1)
      togostanza

PATH
  remote: ./genome_genomic_context_stanza
  specs:
    genome_genomic_context_stanza (0.0.1)
      bio-svgenes (>= 0.3.3)
      togostanza

PATH
  remote: ./genome_information_stanza
  specs:
    genome_information_stanza (0.0.1)
      togostanza

PATH
  remote: ./genome_jbrowse_stanza
  specs:
    genome_jbrowse_stanza (0.0.1)
      togostanza

PATH
  remote: ./genome_plot_stanza
  specs:
    genome_plot_stanza (0.0.1)
      togostanza

PATH
  remote: ./gmo_applied_spices_stanza
  specs:
    gmo_applied_spices_stanza (0.0.1)
      togostanza

PATH
  remote: ./gmo_approximation_stanza
  specs:
    gmo_approximation_stanza (0.0.1)
      togostanza

PATH
  remote: ./gmo_genus_stanza
  specs:
    gmo_genus_stanza (0.0.1)
      togostanza

PATH
  remote: ./lineage_information_stanza
  specs:
    lineage_information_stanza (0.0.1)
      togostanza

PATH
  remote: ./medium_components_stanza
  specs:
    medium_components_stanza (0.0.1)
      togostanza

PATH
  remote: ./microbial_phenotype_cell_shape_stanza
  specs:
    microbial_phenotype_cell_shape_stanza (0.0.1)
      togostanza

PATH
  remote: ./microbial_phenotype_environment_composition_stanza
  specs:
    microbial_phenotype_environment_composition_stanza (0.0.1)
      togostanza

PATH
  remote: ./microbial_phenotype_genus_composition_stanza
  specs:
    microbial_phenotype_genus_composition_stanza (0.0.1)
      togostanza

PATH
  remote: ./microbial_phenotype_information_stanza
  specs:
    microbial_phenotype_information_stanza (0.0.1)
      togostanza

PATH
  remote: ./nucleotide_sequence_stanza
  specs:
    nucleotide_sequence_stanza (0.0.1)
      togostanza

PATH
  remote: ./organism_cross_references_stanza
  specs:
    organism_cross_references_stanza (0.0.1)
      togostanza

PATH
  remote: ./organism_culture_collections_stanza
  specs:
    organism_culture_collections_stanza (0.0.1)
      togostanza

PATH
  remote: ./organism_gc_nano_stanza
  specs:
    organism_gc_nano_stanza (0.0.1)
      togostanza

PATH
  remote: ./organism_gene_list_stanza
  specs:
    organism_gene_list_stanza (0.0.1)
      togostanza

PATH
  remote: ./organism_gene_number_nano_stanza
  specs:
    organism_gene_number_nano_stanza (0.0.1)
      togostanza

PATH
  remote: ./organism_genome_size_nano_stanza
  specs:
    organism_genome_size_nano_stanza (0.0.1)
      togostanza

PATH
  remote: ./organism_habitat_stanza
  specs:
    organism_habitat_stanza (0.0.1)
      togostanza

PATH
  remote: ./organism_jbrowse_stanza
  specs:
    organism_jbrowse_stanza (0.0.1)
      togostanza

PATH
  remote: ./organism_medium_information_stanza
  specs:
    organism_medium_information_stanza (0.0.1)
      togostanza

PATH
  remote: ./organism_microbial_cell_shape_nano_stanza
  specs:
    organism_microbial_cell_shape_nano_stanza (0.0.1)
      togostanza

PATH
  remote: ./organism_names_stanza
  specs:
    organism_names_stanza (0.0.1)
      togostanza

PATH
  remote: ./organism_pathogen_information_stanza
  specs:
    organism_pathogen_information_stanza (0.0.1)
      togostanza

PATH
  remote: ./organism_ph_nano_stanza
  specs:
    organism_ph_nano_stanza (0.0.1)
      togostanza

PATH
  remote: ./organism_phenotype_stanza
  specs:
    organism_phenotype_stanza (0.0.1)
      togostanza

PATH
  remote: ./organism_related_disease_nano_stanza
  specs:
    organism_related_disease_nano_stanza (0.0.1)
      togostanza

PATH
  remote: ./protein_3d_structure_nano_stanza
  specs:
    protein_3d_structure_nano_stanza (0.0.1)
      togostanza

PATH
  remote: ./protein_attributes_stanza
  specs:
    protein_attributes_stanza (0.0.1)
      togostanza

PATH
  remote: ./protein_cross_references_stanza
  specs:
    protein_cross_references_stanza (0.0.1)
      togostanza

PATH
  remote: ./protein_ec_number_nano_stanza
  specs:
    protein_ec_number_nano_stanza (0.0.1)
      togostanza

PATH
  remote: ./protein_general_annotation_stanza
  specs:
    protein_general_annotation_stanza (0.0.1)
      togostanza

PATH
  remote: ./protein_names_stanza
  specs:
    protein_names_stanza (0.0.1)
      togostanza

PATH
  remote: ./protein_ontologies_stanza
  specs:
    protein_ontologies_stanza (0.0.1)
      togostanza

PATH
  remote: ./protein_orthologs_stanza
  specs:
    protein_orthologs_stanza (0.0.1)
      togostanza

PATH
  remote: ./protein_pfam_plot_stanza
  specs:
    protein_pfam_plot_stanza (0.0.1)
      togostanza

PATH
  remote: ./protein_references_stanza
  specs:
    protein_references_stanza (0.0.1)
      togostanza

PATH
  remote: ./protein_references_timeline_nano_stanza
  specs:
    protein_references_timeline_nano_stanza (0.0.1)
      togostanza

PATH
  remote: ./protein_sequence_annotation_stanza
  specs:
    protein_sequence_annotation_stanza (0.0.1)
      togostanza

PATH
  remote: ./protein_sequence_stanza
  specs:
    protein_sequence_stanza (0.0.1)
      togostanza

PATH
  remote: ./taxonomy_ortholog_profile_stanza
  specs:
    taxonomy_ortholog_profile_stanza (0.0.1)
      togostanza

PATH
  remote: ./variation_stanza
  specs:
    variation_stanza (0.0.1)

GEM
  remote: https://rubygems.org/
  specs:
    activesupport (3.2.22.1)
      i18n (~> 0.6, >= 0.6.4)
      multi_json (~> 1.0)
    backports (3.6.8)
    bio (1.5.0)
    bio-svgenes (0.4.1)
    capybara (2.5.0)
      mime-types (>= 1.16)
      nokogiri (>= 1.3.3)
      rack (>= 1.0.0)
      rack-test (>= 0.5.4)
      xpath (~> 2.0)
    diff-lcs (1.2.5)
    ffi (1.9.10)
    flavour_saver (0.3.8)
      rltk (~> 2.2.0)
      tilt
    haml (4.0.7)
      tilt
    hashie (2.1.2)
    hike (1.2.3)
    i18n (0.7.0)
    kgio (2.10.0)
    link_header (0.0.8)
    mime-types (2.6.2)
    mina (0.3.7)
      open4 (~> 1.3.4)
      rake
    mini_portile (0.6.2)
    multi_json (1.11.2)
    net-http-persistent (2.9.4)
    nokogiri (1.6.6.2)
      mini_portile (~> 0.6.0)
    open4 (1.3.4)
    parallel (1.6.1)
    rack (1.6.4)
    rack-protection (1.5.3)
      rack
    rack-test (0.6.3)
      rack (>= 1.0)
    raindrops (0.15.0)
    rake (10.4.2)
    rdf (1.99.1)
      link_header (~> 0.0, >= 0.0.8)
    rltk (2.2.1)
      ffi (>= 1.0.0)
    rspec (3.3.0)
      rspec-core (~> 3.3.0)
      rspec-expectations (~> 3.3.0)
      rspec-mocks (~> 3.3.0)
    rspec-core (3.3.2)
      rspec-support (~> 3.3.0)
    rspec-expectations (3.3.1)
      diff-lcs (>= 1.2.0, < 2.0)
      rspec-support (~> 3.3.0)
    rspec-mocks (3.3.2)
      diff-lcs (>= 1.2.0, < 2.0)
      rspec-support (~> 3.3.0)
    rspec-support (3.3.0)
    sinatra (1.4.7)
      rack (~> 1.5)
      rack-protection (~> 1.4)
      tilt (>= 1.3, < 3)
    sinatra-contrib (1.4.6)
      backports (>= 2.0)
      multi_json
      rack-protection
      rack-test
      sinatra (~> 1.4.0)
      tilt (>= 1.3, < 3)
    sparql-client (1.99.0)
      net-http-persistent (~> 2.9)
      rdf (~> 1.1)
    sprockets (2.12.4)
      hike (~> 1.2)
      multi_json (~> 1.0)
      rack (~> 1.0)
      tilt (~> 1.1, != 1.3.0)
    thor (0.19.1)
    tilt (1.4.1)
    unicorn (4.9.0)
      kgio (~> 2.6)
      rack
      raindrops (~> 0.7)
    xpath (2.0.0)
      nokogiri (~> 1.3)

PLATFORMS
  ruby

DEPENDENCIES
  capybara
  environment_attributes_stanza!
  environment_environmental_ontology_stanza!
  environment_geographical_map_stanza!
  environment_inhabitants_stanza!
  environment_inhabitants_statistics_nano_stanza!
  environment_inhabitants_statistics_stanza!
  environment_organism_distribution_on_ph_nano_stanza!
  environment_organism_distribution_on_temperature_nano_stanza!
  environment_taxonomic_composition_stanza!
  environment_top_level_symbolic_image_nano_stanza!
  gene_attributes_stanza!
  gene_length_nano_stanza!
  geneset_entry_stanza!
  geneset_stanza!
  genome_cross_references_stanza!
  genome_genomic_context_stanza!
  genome_information_stanza!
  genome_jbrowse_stanza!
  genome_plot_stanza!
  gmo_applied_spices_stanza!
  gmo_approximation_stanza!
  gmo_genus_stanza!
  lineage_information_stanza!
  medium_components_stanza!
  microbial_phenotype_cell_shape_stanza!
  microbial_phenotype_environment_composition_stanza!
  microbial_phenotype_genus_composition_stanza!
  microbial_phenotype_information_stanza!
  mina
  nucleotide_sequence_stanza!
  organism_cross_references_stanza!
  organism_culture_collections_stanza!
  organism_gc_nano_stanza!
  organism_gene_list_stanza!
  organism_gene_number_nano_stanza!
  organism_genome_size_nano_stanza!
  organism_habitat_stanza!
  organism_jbrowse_stanza!
  organism_medium_information_stanza!
  organism_microbial_cell_shape_nano_stanza!
  organism_names_stanza!
  organism_pathogen_information_stanza!
  organism_ph_nano_stanza!
  organism_phenotype_stanza!
  organism_related_disease_nano_stanza!
  protein_3d_structure_nano_stanza!
  protein_attributes_stanza!
  protein_cross_references_stanza!
  protein_ec_number_nano_stanza!
  protein_general_annotation_stanza!
  protein_names_stanza!
  protein_ontologies_stanza!
  protein_orthologs_stanza!
  protein_pfam_plot_stanza!
  protein_references_stanza!
  protein_references_timeline_nano_stanza!
  protein_sequence_annotation_stanza!
  protein_sequence_stanza!
  rake
  rspec
  taxonomy_ortholog_profile_stanza!
  togostanza!
  unicorn
  variation_stanza!

BUNDLED WITH
   1.10.6
