PATH
  remote: ./environment_attributes_stanza
  specs:
    environment_attributes_stanza (0.0.1)
      togostanza

PATH
  remote: ./environment_environmental_ontology_stanza
  specs:
    environment_environmental_ontology_stanza (0.0.1)
      togostanza

PATH
  remote: ./environment_geographical_map_stanza
  specs:
    environment_geographical_map_stanza (0.0.1)
      togostanza

PATH
  remote: ./environment_inhabitants_stanza
  specs:
    environment_inhabitants_stanza (0.0.1)
      togostanza

PATH
  remote: ./environment_inhabitants_statistics_nano_stanza
  specs:
    environment_inhabitants_statistics_nano_stanza (0.0.1)
      togostanza

PATH
  remote: ./environment_inhabitants_statistics_stanza
  specs:
    environment_inhabitants_statistics_stanza (0.0.1)
      togostanza

PATH
  remote: ./environment_organism_distribution_on_ph_nano_stanza
  specs:
    environment_organism_distribution_on_ph_nano_stanza (0.0.1)
      togostanza

PATH
  remote: ./environment_organism_distribution_on_temperature_nano_stanza
  specs:
    environment_organism_distribution_on_temperature_nano_stanza (0.0.1)
      togostanza

PATH
  remote: ./environment_taxonomic_composition_stanza
  specs:
    environment_taxonomic_composition_stanza (0.0.1)
      togostanza

PATH
  remote: ./environment_top_level_symbolic_image_nano_stanza
  specs:
    environment_top_level_symbolic_image_nano_stanza (0.0.1)
      togostanza

PATH
  remote: ./gene_attributes_stanza
  specs:
    gene_attributes_stanza (0.0.1)
      bio
      togostanza

PATH
  remote: ./gene_length_nano_stanza
  specs:
    gene_length_nano_stanza (0.0.1)
      togostanza

PATH
  remote: ./geneset_entry_stanza
  specs:
    geneset_entry_stanza (0.0.1)
      togostanza

PATH
  remote: ./geneset_stanza
  specs:
    geneset_stanza (0.0.1)
      togostanza

PATH
  remote: ./genome_cross_references_stanza
  specs:
    genome_cross_references_stanza (0.0.1)
      togostanza

PATH
  remote: ./genome_genomic_context_stanza
  specs:
    genome_genomic_context_stanza (0.0.1)
      bio-svgenes (>= 0.3.3)
      togostanza

PATH
  remote: ./genome_information_stanza
  specs:
    genome_information_stanza (0.0.1)
      togostanza

PATH
  remote: ./genome_jbrowse_stanza
  specs:
    genome_jbrowse_stanza (0.0.1)
      togostanza

PATH
  remote: ./genome_plot_stanza
  specs:
    genome_plot_stanza (0.0.1)
      togostanza

PATH
  remote: ./lineage_information_stanza
  specs:
    lineage_information_stanza (0.0.1)
      togostanza

PATH
  remote: ./nucleotide_sequence_stanza
  specs:
    nucleotide_sequence_stanza (0.0.1)
      togostanza

PATH
  remote: ./organism_cross_references_stanza
  specs:
    organism_cross_references_stanza (0.0.1)
      togostanza

PATH
  remote: ./organism_culture_collections_stanza
  specs:
    organism_culture_collections_stanza (0.0.1)
      togostanza

PATH
  remote: ./organism_gc_nano_stanza
  specs:
    organism_gc_nano_stanza (0.0.1)
      togostanza

PATH
  remote: ./organism_gene_number_nano_stanza
  specs:
    organism_gene_number_nano_stanza (0.0.1)
      togostanza

PATH
  remote: ./organism_genome_size_nano_stanza
  specs:
    organism_genome_size_nano_stanza (0.0.1)
      togostanza

PATH
  remote: ./organism_habitat_stanza
  specs:
    organism_habitat_stanza (0.0.1)
      togostanza

PATH
  remote: ./organism_jbrowse_stanza
  specs:
    organism_jbrowse_stanza (0.0.1)
      togostanza

PATH
  remote: ./organism_medium_information_stanza
  specs:
    organism_medium_information_stanza (0.0.1)
      togostanza

PATH
  remote: ./organism_microbial_cell_shape_nano_stanza
  specs:
    organism_microbial_cell_shape_nano_stanza (0.0.1)
      togostanza

PATH
  remote: ./organism_names_stanza
  specs:
    organism_names_stanza (0.0.1)
      togostanza

PATH
  remote: ./organism_pathogen_information_stanza
  specs:
    organism_pathogen_information_stanza (0.0.1)
      togostanza

PATH
  remote: ./organism_ph_nano_stanza
  specs:
    organism_ph_nano_stanza (0.0.1)
      togostanza

PATH
  remote: ./organism_phenotype_stanza
  specs:
    organism_phenotype_stanza (0.0.1)
      togostanza

PATH
  remote: ./organism_related_disease_nano_stanza
  specs:
    organism_related_disease_nano_stanza (0.0.1)
      togostanza

PATH
  remote: ./protein_3d_structure_nano_stanza
  specs:
    protein_3d_structure_nano_stanza (0.0.1)
      togostanza

PATH
  remote: ./protein_attributes_stanza
  specs:
    protein_attributes_stanza (0.0.1)
      togostanza

PATH
  remote: ./protein_cross_references_stanza
  specs:
    protein_cross_references_stanza (0.0.1)
      togostanza

PATH
  remote: ./protein_ec_number_nano_stanza
  specs:
    protein_ec_number_nano_stanza (0.0.1)
      togostanza

PATH
  remote: ./protein_general_annotation_stanza
  specs:
    protein_general_annotation_stanza (0.0.1)
      togostanza

PATH
  remote: ./protein_names_stanza
  specs:
    protein_names_stanza (0.0.1)
      togostanza

PATH
  remote: ./protein_ontologies_stanza
  specs:
    protein_ontologies_stanza (0.0.1)
      togostanza

PATH
  remote: ./protein_orthologs_stanza
  specs:
    protein_orthologs_stanza (0.0.1)
      togostanza

PATH
  remote: ./protein_pfam_plot_stanza
  specs:
    protein_pfam_plot_stanza (0.0.1)
      togostanza

PATH
  remote: ./protein_references_stanza
  specs:
    protein_references_stanza (0.0.1)
      togostanza

PATH
  remote: ./protein_references_timeline_nano_stanza
  specs:
    protein_references_timeline_nano_stanza (0.0.1)
      togostanza

PATH
  remote: ./protein_sequence_annotation_stanza
  specs:
    protein_sequence_annotation_stanza (0.0.1)
      togostanza

PATH
  remote: ./protein_sequence_stanza
  specs:
    protein_sequence_stanza (0.0.1)
      togostanza

PATH
  remote: ./refgs_dev2_stanza
  specs:
    refgs_dev2_stanza (0.0.1)
      togostanza

PATH
  remote: ./refgs_dev_stanza
  specs:
    refgs_dev_stanza (0.0.1)
      togostanza

PATH
  remote: ./taxonomy_ortholog_profile_stanza
  specs:
    taxonomy_ortholog_profile_stanza (0.0.1)
      togostanza

PATH
  remote: ./variation_stanza
  specs:
    variation_stanza (0.0.1)

GEM
  remote: https://rubygems.org/
  specs:
    activesupport (4.2.0)
      i18n (~> 0.7)
      json (~> 1.7, >= 1.7.7)
      minitest (~> 5.1)
      thread_safe (~> 0.3, >= 0.3.4)
      tzinfo (~> 1.1)
    backports (3.6.4)
    bio (1.4.3.0001)
    bio-svgenes (0.4.1)
    capybara (2.4.3)
      mime-types (>= 1.16)
      nokogiri (>= 1.3.3)
      rack (>= 1.0.0)
      rack-test (>= 0.5.4)
      xpath (~> 2.0)
    diff-lcs (1.2.5)
    ffi (1.9.6)
    flavour_saver (0.3.3)
      rltk (~> 2.2.0)
      tilt
    haml (4.0.6)
      tilt
    hashie (3.3.2)
    hike (1.2.3)
    i18n (0.7.0)
    json (1.8.1)
    kgio (2.9.2)
    link_header (0.0.8)
    mime-types (2.3)
    mina (0.3.0)
      open4
      rake
    mini_portile (0.6.0)
    minitest (5.5.0)
    multi_json (1.10.1)
    net-http-persistent (2.9.4)
    nokogiri (1.6.3.1)
      mini_portile (= 0.6.0)
    open4 (1.3.4)
    parallel (1.3.3)
    rack (1.6.0)
    rack-protection (1.5.3)
      rack
    rack-test (0.6.2)
      rack (>= 1.0)
    raindrops (0.13.0)
    rake (10.3.2)
    rdf (1.1.7)
      link_header (~> 0.0, >= 0.0.8)
    redcarpet (3.2.2)
    rltk (2.2.1)
      ffi (>= 1.0.0)
    rspec (3.1.0)
      rspec-core (~> 3.1.0)
      rspec-expectations (~> 3.1.0)
      rspec-mocks (~> 3.1.0)
    rspec-core (3.1.4)
      rspec-support (~> 3.1.0)
    rspec-expectations (3.1.1)
      diff-lcs (>= 1.2.0, < 2.0)
      rspec-support (~> 3.1.0)
    rspec-mocks (3.1.1)
      rspec-support (~> 3.1.0)
    rspec-support (3.1.0)
    sinatra (1.4.5)
      rack (~> 1.4)
      rack-protection (~> 1.4)
      tilt (~> 1.3, >= 1.3.4)
    sinatra-contrib (1.4.2)
      backports (>= 2.0)
      multi_json
      rack-protection
      rack-test
      sinatra (~> 1.4.0)
      tilt (~> 1.3)
    sparql-client (1.1.3.1)
      net-http-persistent (~> 2.9)
      rdf (~> 1.1)
    sprockets (2.12.3)
      hike (~> 1.2)
      multi_json (~> 1.0)
      rack (~> 1.0)
      tilt (~> 1.1, != 1.3.0)
    thor (0.19.1)
    thread_safe (0.3.4)
    tilt (1.4.1)
    togostanza (1.2.2)
      activesupport
      flavour_saver
      haml
      hashie
      parallel
      redcarpet
      sinatra
      sinatra-contrib
      sparql-client
      sprockets
      thor
    tzinfo (1.2.2)
      thread_safe (~> 0.1)
    unicorn (4.8.3)
      kgio (~> 2.6)
      rack
      raindrops (~> 0.7)
    xpath (2.0.0)
      nokogiri (~> 1.3)

PLATFORMS
  ruby

DEPENDENCIES
  capybara
  environment_attributes_stanza!
  environment_environmental_ontology_stanza!
  environment_geographical_map_stanza!
  environment_inhabitants_stanza!
  environment_inhabitants_statistics_nano_stanza!
  environment_inhabitants_statistics_stanza!
  environment_organism_distribution_on_ph_nano_stanza!
  environment_organism_distribution_on_temperature_nano_stanza!
  environment_taxonomic_composition_stanza!
  environment_top_level_symbolic_image_nano_stanza!
  gene_attributes_stanza!
  gene_length_nano_stanza!
  geneset_entry_stanza!
  geneset_stanza!
  genome_cross_references_stanza!
  genome_genomic_context_stanza!
  genome_information_stanza!
  genome_jbrowse_stanza!
  genome_plot_stanza!
  lineage_information_stanza!
  mina
  nucleotide_sequence_stanza!
  organism_cross_references_stanza!
  organism_culture_collections_stanza!
  organism_gc_nano_stanza!
  organism_gene_number_nano_stanza!
  organism_genome_size_nano_stanza!
  organism_habitat_stanza!
  organism_jbrowse_stanza!
  organism_medium_information_stanza!
  organism_microbial_cell_shape_nano_stanza!
  organism_names_stanza!
  organism_pathogen_information_stanza!
  organism_ph_nano_stanza!
  organism_phenotype_stanza!
  organism_related_disease_nano_stanza!
  protein_3d_structure_nano_stanza!
  protein_attributes_stanza!
  protein_cross_references_stanza!
  protein_ec_number_nano_stanza!
  protein_general_annotation_stanza!
  protein_names_stanza!
  protein_ontologies_stanza!
  protein_orthologs_stanza!
  protein_pfam_plot_stanza!
  protein_references_stanza!
  protein_references_timeline_nano_stanza!
  protein_sequence_annotation_stanza!
  protein_sequence_stanza!
  rake
  refgs_dev2_stanza!
  refgs_dev_stanza!
  rspec
  taxonomy_ortholog_profile_stanza!
  togostanza
  unicorn
  variation_stanza!
