PATH
  remote: .
  specs:
    microbial_phenotype_cell_shape
_stanza (0.0.1)
      togostanza

GEM
  remote: https://rubygems.org/
  specs:
    activesupport (4.2.0)
      i18n (~> 0.7)
      json (~> 1.7, >= 1.7.7)
      minitest (~> 5.1)
      thread_safe (~> 0.3, >= 0.3.4)
      tzinfo (~> 1.1)
    backports (3.6.4)
    ffi (1.9.6)
    flavour_saver (0.3.3)
      rltk (~> 2.2.0)
      tilt
    haml (4.0.6)
      tilt
    hashie (3.3.2)
    hike (1.2.3)
    i18n (0.7.0)
    json (1.8.1)
    link_header (0.0.8)
    minitest (5.5.0)
    multi_json (1.10.1)
    net-http-persistent (2.9.4)
    parallel (1.3.3)
    rack (1.6.0)
    rack-protection (1.5.3)
      rack
    rack-test (0.6.2)
      rack (>= 1.0)
    rdf (1.1.7)
      link_header (~> 0.0, >= 0.0.8)
    redcarpet (3.2.2)
    rltk (2.2.1)
      ffi (>= 1.0.0)
    sinatra (1.4.5)
      rack (~> 1.4)
      rack-protection (~> 1.4)
      tilt (~> 1.3, >= 1.3.4)
    sinatra-contrib (1.4.2)
      backports (>= 2.0)
      multi_json
      rack-protection
      rack-test
      sinatra (~> 1.4.0)
      tilt (~> 1.3)
    sparql-client (1.1.3.1)
      net-http-persistent (~> 2.9)
      rdf (~> 1.1)
    sprockets (2.12.3)
      hike (~> 1.2)
      multi_json (~> 1.0)
      rack (~> 1.0)
      tilt (~> 1.1, != 1.3.0)
    thor (0.19.1)
    thread_safe (0.3.4)
    tilt (1.4.1)
    togostanza (1.2.2)
      activesupport
      flavour_saver
      haml
      hashie
      parallel
      redcarpet
      sinatra
      sinatra-contrib
      sparql-client
      sprockets
      thor
    tzinfo (1.2.2)
      thread_safe (~> 0.1)

PLATFORMS
  ruby

DEPENDENCIES
  microbial_phenotype_cell_shape
_stanza!
